GEM
  remote: https://rubygems.org/
  remote: http://gemcutter.org/
  specs:
    diff-lcs (1.2.1)
    fakeweb (1.3.0)
    mime-types (1.21)
    rest-client (1.6.7)
      mime-types (>= 1.16)
    rspec (2.13.0)
      rspec-core (~> 2.13.0)
      rspec-expectations (~> 2.13.0)
      rspec-mocks (~> 2.13.0)
    rspec-core (2.13.1)
    rspec-expectations (2.13.0)
      diff-lcs (>= 1.1.3, < 2.0)
    rspec-mocks (2.13.0)
    timecop (0.6.1)

PLATFORMS
  ruby

DEPENDENCIES
  fakeweb
  rest-client
  rspec
  timecop
